GEM
  remote: https://rubygems.org/
  specs:
    activesupport (5.2.1.1)
      concurrent-ruby (~> 1.0, >= 1.0.2)
      i18n (>= 0.7, < 2)
      minitest (~> 5.1)
      tzinfo (~> 1.1)
    addressable (2.4.0)
    backports (3.11.4)
    concurrent-ruby (1.1.3)
    coveralls (0.8.22)
      json (>= 1.8, < 3)
      simplecov (~> 0.16.1)
      term-ansicolor (~> 1.3)
      thor (~> 0.19.4)
      tins (~> 1.6)
    crack (0.4.3)
      safe_yaml (~> 1.0.0)
    dalli (2.7.9)
    diff-lcs (1.3)
    docile (1.3.1)
    domain_name (0.5.20180417)
      unf (>= 0.0.5, < 1.0.0)
    dotenv (2.5.0)
    ethon (0.11.0)
      ffi (>= 1.3.0)
    faraday (0.9.2)
      multipart-post (>= 1.2, < 3)
    faraday_middleware (0.12.2)
      faraday (>= 0.7.4, < 1.0)
    ffi (1.9.25)
    foreman (0.85.0)
      thor (~> 0.19.1)
    gh (0.15.1)
      addressable (~> 2.4.0)
      backports
      faraday (~> 0.8)
      multi_json (~> 1.0)
      net-http-persistent (~> 2.9)
      net-http-pipeline
    hashdiff (0.3.7)
    highline (1.7.10)
    http-cookie (1.0.3)
      domain_name (~> 0.5)
    i18n (1.1.1)
      concurrent-ruby (~> 1.0)
    json (2.1.0)
    launchy (2.4.3)
      addressable (~> 2.3)
    metaclass (0.0.4)
    mime-types (3.2.2)
      mime-types-data (~> 3.2015)
    mime-types-data (3.2018.0812)
    minitest (5.11.3)
    mocha (1.7.0)
      metaclass (~> 0.0.1)
    multi_json (1.13.1)
    multipart-post (2.0.0)
    mustermann (1.0.3)
    net-http-persistent (2.9.4)
    net-http-pipeline (1.0.1)
    netrc (0.11.0)
    pusher-client (0.6.2)
      json
      websocket (~> 1.0)
    rack (2.0.6)
    rack-protection (2.0.4)
      rack
    rack-test (1.1.0)
      rack (>= 1.0, < 3)
    rake (12.3.1)
    rest-client (2.0.2)
      http-cookie (>= 1.0.2, < 2.0)
      mime-types (>= 1.16, < 4.0)
      netrc (~> 0.8)
    rollbar (2.18.0)
      multi_json
    rspec (3.8.0)
      rspec-core (~> 3.8.0)
      rspec-expectations (~> 3.8.0)
      rspec-mocks (~> 3.8.0)
    rspec-core (3.8.0)
      rspec-support (~> 3.8.0)
    rspec-expectations (3.8.2)
      diff-lcs (>= 1.2.0, < 2.0)
      rspec-support (~> 3.8.0)
    rspec-mocks (3.8.0)
      diff-lcs (>= 1.2.0, < 2.0)
      rspec-support (~> 3.8.0)
    rspec-support (3.8.0)
    safe_yaml (1.0.4)
    simplecov (0.16.1)
      docile (~> 1.1)
      json (>= 1.8, < 3)
      simplecov-html (~> 0.10.0)
    simplecov-html (0.10.2)
    sinatra (2.0.4)
      mustermann (~> 1.0)
      rack (~> 2.0)
      rack-protection (= 2.0.4)
      tilt (~> 2.0)
    sinatra-contrib (2.0.4)
      activesupport (>= 4.0.0)
      backports (>= 2.8.2)
      multi_json
      mustermann (~> 1.0)
      rack-protection (= 2.0.4)
      sinatra (= 2.0.4)
      tilt (>= 1.3, < 3)
    term-ansicolor (1.7.0)
      tins (~> 1.0)
    thor (0.19.4)
    thread_safe (0.3.6)
    tilt (2.0.9)
    tins (1.20.2)
    travis (1.8.9)
      backports
      faraday (~> 0.9)
      faraday_middleware (~> 0.9, >= 0.9.1)
      gh (~> 0.13)
      highline (~> 1.6)
      launchy (~> 2.1)
      pusher-client (~> 0.4)
      typhoeus (~> 0.6, >= 0.6.8)
    typhoeus (0.8.0)
      ethon (>= 0.8.0)
    tzinfo (1.2.5)
      thread_safe (~> 0.1)
    unf (0.1.4)
      unf_ext
    unf_ext (0.0.7.5)
    vcr (4.0.0)
    washbullet (0.4.0)
      faraday (~> 0.9.0)
      mime-types
    webmock (3.4.2)
      addressable (>= 2.3.6)
      crack (>= 0.3.2)
      hashdiff
    websocket (1.2.8)

PLATFORMS
  ruby

DEPENDENCIES
  coveralls
  dalli
  dotenv
  foreman
  mocha
  rack-test
  rake
  rest-client
  rollbar
  rspec
  sinatra
  sinatra-contrib
  travis
  vcr
  washbullet
  webmock

RUBY VERSION
   ruby 2.5.1p57

BUNDLED WITH
   1.17.1
